PATH
  remote: .
  specs:
    wife (0.0.1)
      colored

GEM
  remote: https://rubygems.org/
  specs:
    colored (1.2)
    rake (12.3.3)

PLATFORMS
  ruby

DEPENDENCIES
  rake (~> 12.3.3)
  wife!

BUNDLED WITH
   2.1.4
