PATH
  remote: .
  specs:
    whatToDo (0.0.1)

GEM
  remote: https://rubygems.org/
  specs:
    colored (1.2)
    rake (10.1.0)

PLATFORMS
  ruby

DEPENDENCIES
  bundler (~> 1.3)
  colored
  rake
  whatToDo!
