PATH
  remote: .
  specs:
    whatToDo (0.0.1)
      colored

GEM
  remote: https://rubygems.org/
  specs:
    colored (1.2)
    rake (10.3.2)

PLATFORMS
  ruby

DEPENDENCIES
  bundler (~> 1.3)
  rake
  whatToDo!
